GIT
  remote: https://github.com/SettRaziel/ruby_utils
  revision: b05d14d844772cf320cd02eabc20976fa9f91e11
  specs:
    ruby_utils (0.0.1)

GIT
  remote: https://github.com/SettRaziel/wrf_library
  revision: d45ee4b78ade65d4b15ce3e089c9523bfcdfa6fc
  specs:
    wrf_library (0.0.1)
      ruby_utils (~> 0.0.1)

PATH
  remote: .
  specs:
    wrf_statistics (0.0.1)
      wrf_library (~> 0.0.1)

GEM
  remote: https://rubygems.org/
  specs:
    diff-lcs (1.4.4)
    rake (13.0.1)
    rspec (3.9.0)
      rspec-core (~> 3.9.0)
      rspec-expectations (~> 3.9.0)
      rspec-mocks (~> 3.9.0)
    rspec-core (3.9.2)
      rspec-support (~> 3.9.3)
    rspec-expectations (3.9.2)
      diff-lcs (>= 1.2.0, < 2.0)
      rspec-support (~> 3.9.0)
    rspec-mocks (3.9.1)
      diff-lcs (>= 1.2.0, < 2.0)
      rspec-support (~> 3.9.0)
    rspec-support (3.9.3)

PLATFORMS
  ruby

DEPENDENCIES
  rake (~> 13.0, >= 13.0.1)
  rspec (~> 3.9, >= 3.9.0)
  ruby_utils!
  wrf_library!
  wrf_statistics!

BUNDLED WITH
   2.1.4
