GIT
  remote: https://github.com/SettRaziel/dwd_observations
  revision: db8098e3abfece95f97e6b830f9a96561828aa53
  specs:
    dwd_observations (0.1.0)

GIT
  remote: https://github.com/SettRaziel/ruby_utils
  revision: 6ba4d9a76f338b6ae1f6fb0472d56f193d50bab2
  specs:
    ruby_utils (0.2.1)

GIT
  remote: https://github.com/SettRaziel/wrf_library
  revision: 301c0e66d049e90fddf5acd19c6d2da3f5d3cad3
  specs:
    wrf_library (0.5.2)
      ruby_utils (~> 0.2.0, >= 0.1.0)

PATH
  remote: .
  specs:
    wrf_statistics (0.0.1)
      wrf_library (>= 0.3.0)

GEM
  remote: https://rubygems.org/
  specs:
    diff-lcs (1.4.4)
    rake (13.0.6)
    rspec (3.10.0)
      rspec-core (~> 3.10.0)
      rspec-expectations (~> 3.10.0)
      rspec-mocks (~> 3.10.0)
    rspec-core (3.10.1)
      rspec-support (~> 3.10.0)
    rspec-expectations (3.10.1)
      diff-lcs (>= 1.2.0, < 2.0)
      rspec-support (~> 3.10.0)
    rspec-mocks (3.10.2)
      diff-lcs (>= 1.2.0, < 2.0)
      rspec-support (~> 3.10.0)
    rspec-support (3.10.2)

PLATFORMS
  ruby

DEPENDENCIES
  dwd_observations!
  rake (>= 13.0.1)
  rspec (>= 3.9.0)
  ruby_utils!
  wrf_library!
  wrf_statistics!

BUNDLED WITH
   2.1.4
